GIT
  remote: git://github.com/OpenAddressesUK/mongoid_address_models.git
  revision: 8b12197dd91f5b54b47f54d7d78d748ea2756826
  specs:
    mongoid_address_models (0.0.1)
      mongoid
      mongoid-elasticsearch
      mongoid_geospatial
      mongoid_token
      rails (~> 4.1.7)
      stringex

GEM
  remote: https://rubygems.org/
  specs:
    actionmailer (4.1.7)
      actionpack (= 4.1.7)
      actionview (= 4.1.7)
      mail (~> 2.5, >= 2.5.4)
    actionpack (4.1.7)
      actionview (= 4.1.7)
      activesupport (= 4.1.7)
      rack (~> 1.5.2)
      rack-test (~> 0.6.2)
    actionview (4.1.7)
      activesupport (= 4.1.7)
      builder (~> 3.1)
      erubis (~> 2.7.0)
    activemodel (4.1.7)
      activesupport (= 4.1.7)
      builder (~> 3.1)
    activerecord (4.1.7)
      activemodel (= 4.1.7)
      activesupport (= 4.1.7)
      arel (~> 5.0.0)
    activesupport (4.1.7)
      i18n (~> 0.6, >= 0.6.9)
      json (~> 1.7, >= 1.7.7)
      minitest (~> 5.1)
      thread_safe (~> 0.1)
      tzinfo (~> 1.1)
    addressable (2.3.6)
    arel (5.0.1.20140414130214)
    breasal (0.0.1)
    bson (2.3.0)
    builder (3.2.2)
    coderay (1.1.0)
    connection_pool (2.0.0)
    crack (0.4.2)
      safe_yaml (~> 1.0.0)
    database_cleaner (1.3.0)
    diff-lcs (1.2.5)
    dotenv (1.0.2)
    elasticsearch (1.0.8)
      elasticsearch-api (= 1.0.7)
      elasticsearch-transport (= 1.0.7)
    elasticsearch-api (1.0.7)
      multi_json
    elasticsearch-transport (1.0.7)
      faraday
      multi_json
    erubis (2.7.0)
    excon (0.41.0)
    factory_girl (4.5.0)
      activesupport (>= 3.0.0)
    faraday (0.9.1)
      multipart-post (>= 1.2, < 3)
    heroics (0.0.12)
      erubis (~> 2.7.0)
      excon
      moneta
      multi_json (>= 1.9.2)
      netrc
    httparty (0.13.3)
      json (~> 1.8)
      multi_xml (>= 0.5.2)
    i18n (0.6.11)
    json (1.8.1)
    mail (2.6.3)
      mime-types (>= 1.16, < 3)
    method_source (0.8.2)
    mime-types (2.4.3)
    mini_portile (0.6.1)
    minitest (5.4.2)
    moneta (0.8.0)
    mongoid (4.0.0)
      activemodel (~> 4.0)
      moped (~> 2.0.0)
      origin (~> 2.1)
      tzinfo (>= 0.3.37)
    mongoid-elasticsearch (0.8.3)
      elasticsearch (~> 1.0.1)
      mongoid (>= 3.0, < 4.1)
      ruby-progressbar
    mongoid_geospatial (3.1.0)
      activemodel (>= 3.2)
      activesupport (>= 3.2)
      mongoid (>= 3.0.0)
    mongoid_token (2.1.1)
      mongoid (~> 4.0.0)
    moped (2.0.1)
      bson (~> 2.2)
      connection_pool (~> 2.0)
      optionable (~> 0.2.0)
    multi_json (1.10.1)
    multi_xml (0.5.5)
    multipart-post (2.0.0)
    netrc (0.8.0)
    nokogiri (1.6.4.1)
      mini_portile (~> 0.6.0)
    optionable (0.2.0)
    origin (2.1.1)
    platform-api (0.2.0)
      heroics (~> 0.0.10)
    pry (0.10.1)
      coderay (~> 1.1.0)
      method_source (~> 0.8.1)
      slop (~> 3.4)
    rack (1.5.2)
    rack-test (0.6.3)
      rack (>= 1.0)
    rails (4.1.7)
      actionmailer (= 4.1.7)
      actionpack (= 4.1.7)
      actionview (= 4.1.7)
      activemodel (= 4.1.7)
      activerecord (= 4.1.7)
      activesupport (= 4.1.7)
      bundler (>= 1.3.0, < 2.0)
      railties (= 4.1.7)
      sprockets-rails (~> 2.0)
    railties (4.1.7)
      actionpack (= 4.1.7)
      activesupport (= 4.1.7)
      rake (>= 0.8.7)
      thor (>= 0.18.1, < 2.0)
    rake (10.3.2)
    rspec (3.1.0)
      rspec-core (~> 3.1.0)
      rspec-expectations (~> 3.1.0)
      rspec-mocks (~> 3.1.0)
    rspec-core (3.1.7)
      rspec-support (~> 3.1.0)
    rspec-expectations (3.1.2)
      diff-lcs (>= 1.2.0, < 2.0)
      rspec-support (~> 3.1.0)
    rspec-mocks (3.1.3)
      rspec-support (~> 3.1.0)
    rspec-support (3.1.2)
    ruby-progressbar (1.7.5)
    rubyzip (1.1.6)
    safe_yaml (1.0.4)
    slop (3.6.0)
    sprockets (3.0.1)
      rack (~> 1.0)
    sprockets-rails (2.2.4)
      actionpack (>= 3.0)
      activesupport (>= 3.0)
      sprockets (>= 2.8, < 4.0)
    stringex (2.5.2)
    thor (0.19.1)
    thread_safe (0.3.4)
    timecop (0.7.1)
    tzinfo (1.2.2)
      thread_safe (~> 0.1)
    uk_postcode (1.0.0)
    vcr (2.9.3)
    webmock (1.20.4)
      addressable (>= 2.3.6)
      crack (>= 0.3.2)

PLATFORMS
  ruby

DEPENDENCIES
  breasal
  database_cleaner
  dotenv
  factory_girl
  httparty
  mongoid
  mongoid_address_models!
  mongoid_geospatial
  mongoid_token
  nokogiri
  platform-api
  pry
  rake
  rspec
  rubyzip
  timecop
  uk_postcode
  vcr
  webmock
